GIT
  remote: https://github.com/mtodd/pingdom-client.git
  revision: 5b1947efe117a9b9c819140e6d157232faf37bda
  specs:
    pingdom-client (0.0.6.alpha)
      activesupport (~> 3.0.4)
      excon (~> 0.5.6)
      faraday (~> 0.5.7)
      i18n (~> 0.5.0)
      yajl-ruby (~> 0.8.1)

GEM
  remote: http://rubygems.org/
  specs:
    activesupport (3.0.20)
    addressable (2.2.8)
    excon (0.5.8)
    faraday (0.5.7)
      addressable (~> 2.2.4)
      multipart-post (~> 1.1.0)
      rack (>= 1.1.0, < 2)
    i18n (0.5.0)
    logger (1.2.8)
    multipart-post (1.1.5)
    oauth (0.4.7)
    rack (1.5.2)
    stashboard (0.0.2)
      oauth (>= 0.4.4)
      yajl-ruby (>= 0.8.1)
    yajl-ruby (0.8.3)

PLATFORMS
  ruby

DEPENDENCIES
  activesupport
  logger
  pingdom-client!
  stashboard
