GIT
  remote: https://github.com/rodzyn/pingdom-client.git
  revision: 1c16d63930e31c67e6e8cfb28eadcc167162befd
  specs:
    pingdom-client (0.0.6.alpha)
      activesupport (>= 3.2.11)
      bundler (>= 1.0.0)
      excon (>= 0.5.6)
      faraday (>= 0.8.1)
      i18n (>= 0.6.1)
      rake (>= 0.8.7)
      rspec (>= 2.1.0)
      yajl-ruby (>= 1.1.0)

GEM
  remote: http://rubygems.org/
  specs:
    activesupport (3.2.13)
      i18n (= 0.6.1)
      multi_json (~> 1.0)
    diff-lcs (1.2.1)
    excon (0.20.1)
    faraday (0.8.6)
      multipart-post (~> 1.1)
    i18n (0.6.1)
    logger (1.2.8)
    multi_json (1.7.2)
    multipart-post (1.2.0)
    oauth (0.4.7)
    rake (10.0.3)
    rspec (2.13.0)
      rspec-core (~> 2.13.0)
      rspec-expectations (~> 2.13.0)
      rspec-mocks (~> 2.13.0)
    rspec-core (2.13.1)
    rspec-expectations (2.13.0)
      diff-lcs (>= 1.1.3, < 2.0)
    rspec-mocks (2.13.0)
    stashboard (0.0.2)
      oauth (>= 0.4.4)
      yajl-ruby (>= 0.8.1)
    yajl-ruby (1.1.0)

PLATFORMS
  ruby

DEPENDENCIES
  activesupport
  logger
  pingdom-client!
  stashboard
